PATH
  remote: .
  specs:
    twitch_translator_bot (0.1.0)
      zircon (~> 0.0.8)

GEM
  remote: https://rubygems.org/
  specs:
    dotenv (2.7.6)
    minitest (5.14.2)
    rake (12.3.3)
    zircon (0.0.8)

PLATFORMS
  ruby

DEPENDENCIES
  dotenv (~> 2.7.6)
  minitest (~> 5.0)
  rake (~> 12.0)
  twitch_translator_bot!

BUNDLED WITH
   2.1.4
